GEM
  remote: http://rubygems.org/
  specs:
    actionmailer (3.2.1)
      actionpack (= 3.2.1)
      mail (~> 2.4.0)
    actionpack (3.2.1)
      activemodel (= 3.2.1)
      activesupport (= 3.2.1)
      builder (~> 3.0.0)
      erubis (~> 2.7.0)
      journey (~> 1.0.1)
      rack (~> 1.4.0)
      rack-cache (~> 1.1)
      rack-test (~> 0.6.1)
      sprockets (~> 2.1.2)
    activemodel (3.2.1)
      activesupport (= 3.2.1)
      builder (~> 3.0.0)
    activerecord (3.2.1)
      activemodel (= 3.2.1)
      activesupport (= 3.2.1)
      arel (~> 3.0.0)
      tzinfo (~> 0.3.29)
    activeresource (3.2.1)
      activemodel (= 3.2.1)
      activesupport (= 3.2.1)
    activesupport (3.2.1)
      i18n (~> 0.6)
      multi_json (~> 1.0)
    alias (0.2.2)
    arel (3.0.1)
    awesome_print (1.0.2)
    bcrypt-ruby (3.0.1)
    binding_of_caller (0.6.2)
    bootstrap-sass (2.0.1)
    boson (0.4.0)
      alias (>= 0.2.2)
      hirb (>= 0.5.0)
    builder (3.0.0)
    carrierwave (0.5.8)
      activesupport (~> 3.0)
    client_side_validations (3.1.4)
    clipboard (1.0.1)
    coderay (1.0.5)
    coffee-rails (3.2.2)
      coffee-script (>= 2.2.0)
      railties (~> 3.2.0)
    coffee-script (2.2.0)
      coffee-script-source
      execjs
    coffee-script-source (1.2.0)
    colored (1.2)
    database_cleaner (0.7.1)
    devise (2.0.4)
      bcrypt-ruby (~> 3.0)
      orm_adapter (~> 0.0.3)
      railties (~> 3.1)
      warden (~> 1.1.1)
    diff-lcs (1.1.3)
    erubis (2.7.0)
    every_day_irb (1.2.0)
    execjs (1.3.0)
      multi_json (~> 1.0)
    factory_girl (2.6.0)
      activesupport (>= 2.3.9)
    factory_girl_rails (1.7.0)
      factory_girl (~> 2.6.0)
      railties (>= 3.0.0)
    fancy_irb (0.7.2)
      paint (>= 0.8.1)
      unicode-display_width (>= 0.1.1)
    g (1.6.0)
      ruby_gntp
    hike (1.2.1)
    hirb (0.6.0)
    i18n (0.6.0)
    interactive_editor (0.0.10)
      spoon (>= 0.0.1)
    irbtools (1.2.0)
      awesome_print (~> 1.0.2)
      boson (>= 0.3.4)
      clipboard (~> 1.0.0)
      coderay (~> 1.0.5)
      every_day_irb (>= 1.2.0)
      fancy_irb (>= 0.7.2)
      g (>= 1.5.0)
      hirb (~> 0.6.0)
      interactive_editor (>= 0.0.10)
      method_locator (>= 0.0.4)
      method_source (>= 0.7.0)
      methodfinder (>= 1.2.5)
      ori (~> 0.1.0)
      paint (>= 0.8.4)
      sketches (>= 0.1.1)
      wirb (>= 0.4.1)
      zucker (>= 11)
    itslog (0.6.1)
    journey (1.0.2)
    jquery-rails (2.0.0)
      railties (>= 3.2.0.beta, < 5.0)
      thor (~> 0.14)
    json (1.6.5)
    kaminari (0.13.0)
      actionpack (>= 3.0.0)
      activesupport (>= 3.0.0)
      railties (>= 3.0.0)
    kgio (2.7.2)
    mail (2.4.1)
      i18n (>= 0.4.0)
      mime-types (~> 1.16)
      treetop (~> 1.4.8)
    method_locator (0.0.4)
    method_source (0.7.0)
    methodfinder (1.2.5)
    mime-types (1.17.2)
    multi_json (1.1.0)
    ori (0.1.0)
    orm_adapter (0.0.6)
    paint (0.8.4)
    pg (0.13.1)
    plymouth (0.3.2)
      pry-exception_explorer (>= 0.1.7)
    polyglot (0.3.3)
    pry (0.9.8.2)
      coderay (~> 1.0.5)
      method_source (~> 0.7)
      slop (>= 2.4.4, < 3)
    pry-doc (0.4.1)
      pry (>= 0.9.0)
      yard (~> 0.7.4)
    pry-exception_explorer (0.1.9)
      pry-stack_explorer (>= 0.3.9)
    pry-nav (0.1.0)
      pry (~> 0.9.8.1)
    pry-rails (0.1.6)
      pry
    pry-remote (0.1.0)
      pry (~> 0.9.6)
      slop (~> 2.1)
    pry-stack_explorer (0.4.0)
      binding_of_caller (~> 0.6.2)
      pry (~> 0.9.8.2)
    rack (1.4.1)
    rack-cache (1.1)
      rack (>= 0.4)
    rack-ssl (1.3.2)
      rack
    rack-test (0.6.1)
      rack (>= 1.0)
    rails (3.2.1)
      actionmailer (= 3.2.1)
      actionpack (= 3.2.1)
      activerecord (= 3.2.1)
      activeresource (= 3.2.1)
      activesupport (= 3.2.1)
      bundler (~> 1.0)
      railties (= 3.2.1)
    rails-footnotes (3.7.5)
      rails (>= 3.0.0)
    railties (3.2.1)
      actionpack (= 3.2.1)
      activesupport (= 3.2.1)
      rack-ssl (~> 1.3.2)
      rake (>= 0.8.7)
      rdoc (~> 3.4)
      thor (~> 0.14.6)
    raindrops (0.8.0)
    rake (0.9.2.2)
    rdoc (3.12)
      json (~> 1.4)
    rein (0.8.1)
      activerecord
    rmagick (2.13.1)
    rspec (2.8.0)
      rspec-core (~> 2.8.0)
      rspec-expectations (~> 2.8.0)
      rspec-mocks (~> 2.8.0)
    rspec-core (2.8.0)
    rspec-expectations (2.8.0)
      diff-lcs (~> 1.1.2)
    rspec-mocks (2.8.0)
    rspec-rails (2.8.1)
      actionpack (>= 3.0)
      activesupport (>= 3.0)
      railties (>= 3.0)
      rspec (~> 2.8.0)
    ruby_gntp (0.3.4)
    sass (3.1.15)
    sass-rails (3.2.4)
      railties (~> 3.2.0)
      sass (>= 3.1.10)
      tilt (~> 1.3)
    shoulda (2.11.3)
    silent-postgres (0.1.1)
    sketches (0.1.1)
    slop (2.4.4)
    spoon (0.0.1)
    sprockets (2.1.2)
      hike (~> 1.2)
      rack (~> 1.0)
      tilt (~> 1.1, != 1.3.0)
    tabulous (1.2.0)
      colored (~> 1.2.0)
      rails (~> 3.0)
    thor (0.14.6)
    tilt (1.3.3)
    timecop (0.3.5)
    treetop (1.4.10)
      polyglot
      polyglot (>= 0.3.1)
    tzinfo (0.3.31)
    uglifier (1.2.3)
      execjs (>= 0.3.0)
      multi_json (>= 1.0.2)
    unicode-display_width (0.1.1)
    unicorn (4.2.0)
      kgio (~> 2.6)
      rack
      raindrops (~> 0.7)
    warden (1.1.1)
      rack (>= 1.0)
    wirb (0.4.1)
    yard (0.7.5)
    zucker (12.1)

PLATFORMS
  ruby

DEPENDENCIES
  bootstrap-sass
  carrierwave
  client_side_validations
  coffee-rails (~> 3.2.1)
  database_cleaner
  devise
  factory_girl_rails
  irbtools
  itslog
  jquery-rails
  kaminari
  pg
  plymouth
  pry-doc
  pry-nav
  pry-rails
  pry-remote
  pry-stack_explorer
  rails (~> 3.2.0)
  rails-footnotes
  rein
  rmagick
  rspec-rails
  sass-rails (~> 3.2.3)
  shoulda
  silent-postgres
  tabulous
  timecop
  uglifier (>= 1.0.3)
  unicorn
